GEM
  remote: http://rubygems.org/
  specs:
    activesupport (6.0.3.4)
      concurrent-ruby (~> 1.0, >= 1.0.2)
      i18n (>= 0.7, < 2)
      minitest (~> 5.1)
      tzinfo (~> 1.1)
      zeitwerk (~> 2.2, >= 2.2.2)
    concurrent-ruby (1.1.7)
    crass (1.0.6)
    dotenv (2.7.6)
    i18n (1.8.5)
      concurrent-ruby (~> 1.0)
    loofah (2.8.0)
      crass (~> 1.0.2)
      nokogiri (>= 1.5.9)
    mini_portile2 (2.5.0)
    minitest (5.14.2)
    nokogiri (1.11.1)
      mini_portile2 (~> 2.5.0)
      racc (~> 1.4)
    racc (1.5.2)
    sentimental (1.5.0)
    sentimentalizer (0.3.2)
    thread_safe (0.3.6)
    tzinfo (1.2.8)
      thread_safe (~> 0.1)
    yt (0.33.2)
      activesupport
    zeitwerk (2.4.1)

PLATFORMS
  ruby

DEPENDENCIES
  dotenv (~> 2.7)
  loofah (~> 2.8)
  sentimental (~> 1.5)
  sentimentalizer (~> 0.3.2)
  yt (~> 0.33.2)

BUNDLED WITH
   1.16.0
