GEM
  remote: http://rubygems.org/
  specs:
    activesupport (5.1.4)
      concurrent-ruby (~> 1.0, >= 1.0.2)
      i18n (~> 0.7)
      minitest (~> 5.1)
      tzinfo (~> 1.1)
    concurrent-ruby (1.0.5)
    crass (1.0.3)
    dotenv (2.2.2)
    i18n (0.9.1)
      concurrent-ruby (~> 1.0)
    loofah (2.2.2)
      crass (~> 1.0.2)
      nokogiri (>= 1.5.9)
    mini_portile2 (2.3.0)
    minitest (5.10.3)
    nokogiri (1.8.2)
      mini_portile2 (~> 2.3.0)
    sentimental (1.4.1)
    sentimentalizer (0.3.1)
    thread_safe (0.3.6)
    tzinfo (1.2.4)
      thread_safe (~> 0.1)
    yt (0.32.1)
      activesupport
      yt-support (>= 0.1)
    yt-support (0.1.3)

PLATFORMS
  ruby

DEPENDENCIES
  dotenv (~> 2.2)
  loofah (~> 2.2)
  sentimental (~> 1.0, >= 1.0.4)
  sentimentalizer (~> 0.3.1)
  yt (~> 0.32.1)

BUNDLED WITH
   1.16.0
