GEM
  remote: http://rubygems.org/
  specs:
    activesupport (6.1.1)
      concurrent-ruby (~> 1.0, >= 1.0.2)
      i18n (>= 1.6, < 2)
      minitest (>= 5.1)
      tzinfo (~> 2.0)
      zeitwerk (~> 2.3)
    concurrent-ruby (1.1.7)
    crass (1.0.6)
    dotenv (2.7.6)
    i18n (1.8.7)
      concurrent-ruby (~> 1.0)
    loofah (2.9.1)
      crass (~> 1.0.2)
      nokogiri (>= 1.5.9)
    mini_portile2 (2.5.1)
    minitest (5.14.3)
    nokogiri (1.11.5)
      mini_portile2 (~> 2.5.0)
      racc (~> 1.4)
    racc (1.5.2)
    sentimental (1.5.0)
    sentimentalizer (0.3.2)
    tzinfo (2.0.4)
      concurrent-ruby (~> 1.0)
    yt (0.33.4)
      activesupport
    zeitwerk (2.4.2)

PLATFORMS
  ruby

DEPENDENCIES
  dotenv (~> 2.7)
  loofah (~> 2.9)
  sentimental (~> 1.5)
  sentimentalizer (~> 0.3.2)
  yt (~> 0.33.4)

BUNDLED WITH
   1.16.0
