GEM
  remote: http://rubygems.org/
  specs:
    activesupport (6.0.2.1)
      concurrent-ruby (~> 1.0, >= 1.0.2)
      i18n (>= 0.7, < 2)
      minitest (~> 5.1)
      tzinfo (~> 1.1)
      zeitwerk (~> 2.2)
    concurrent-ruby (1.1.5)
    crass (1.0.5)
    dotenv (2.7.5)
    i18n (1.8.2)
      concurrent-ruby (~> 1.0)
    loofah (2.4.0)
      crass (~> 1.0.2)
      nokogiri (>= 1.5.9)
    mini_portile2 (2.4.0)
    minitest (5.14.0)
    nokogiri (1.10.8)
      mini_portile2 (~> 2.4.0)
    sentimental (1.5.0)
    sentimentalizer (0.3.2)
    thread_safe (0.3.6)
    tzinfo (1.2.6)
      thread_safe (~> 0.1)
    yt (0.32.6)
      activesupport
    zeitwerk (2.2.2)

PLATFORMS
  ruby

DEPENDENCIES
  dotenv (~> 2.7)
  loofah (~> 2.4)
  sentimental (~> 1.5)
  sentimentalizer (~> 0.3.2)
  yt (~> 0.32.6)

BUNDLED WITH
   1.16.0
